GEM
  remote: https://rubygems.org/
  specs:
    byebug (11.1.3)
    digest-crc (0.6.4)
      rake (>= 12.0.0, < 14.0.0)
    rake (13.0.6)
    ruby-kafka (1.5.0)
      digest-crc

PLATFORMS
  x86_64-linux

DEPENDENCIES
  byebug
  ruby-kafka

BUNDLED WITH
   2.3.7
